PATH
  remote: .
  specs:
    action_mailer-logged_smtp_delivery (2.0.0)
      actionmailer (>= 3.2.19, < 4.2.0)

GEM
  remote: https://rubygems.org/
  specs:
    actionmailer (4.0.8)
      actionpack (= 4.0.8)
      mail (~> 2.5.4)
    actionpack (4.0.8)
      activesupport (= 4.0.8)
      builder (~> 3.1.0)
      erubis (~> 2.7.0)
      rack (~> 1.5.2)
      rack-test (~> 0.6.2)
    activesupport (4.0.8)
      i18n (~> 0.6, >= 0.6.9)
      minitest (~> 4.2)
      multi_json (~> 1.3)
      thread_safe (~> 0.1)
      tzinfo (~> 0.3.37)
    builder (3.1.4)
    bump (0.5.0)
    byebug (3.4.0)
      columnize (~> 0.8)
      debugger-linecache (~> 1.2)
      slop (~> 3.6)
    columnize (0.8.9)
    debugger-linecache (1.2.0)
    erubis (2.7.0)
    i18n (0.6.11)
    mail (2.5.4)
      mime-types (~> 1.16)
      treetop (~> 1.4.8)
    mailcrate (0.0.1)
    mime-types (1.25.1)
    minitest (4.7.5)
    minitest-rg (1.1.1)
      minitest (< 5.0)
    multi_json (1.10.1)
    polyglot (0.3.5)
    rack (1.5.2)
    rack-test (0.6.2)
      rack (>= 1.0)
    rake (10.3.2)
    slop (3.6.0)
    thread_safe (0.3.4)
    treetop (1.4.15)
      polyglot
      polyglot (>= 0.3.1)
    tzinfo (0.3.41)
    wwtd (0.5.5)

PLATFORMS
  ruby

DEPENDENCIES
  action_mailer-logged_smtp_delivery!
  bump
  byebug
  mailcrate
  minitest
  minitest-rg
  rake
  wwtd
